PATH
  remote: .
  specs:
    homograph-detector (0.1.0)
      addressable (~> 2.5)
      unicode-confusable (~> 1.4)
      unicode-scripts (~> 1.3)

GEM
  remote: https://rubygems.org/
  specs:
    addressable (2.5.2)
      public_suffix (>= 2.0.2, < 4.0)
    docile (1.3.0)
    json (2.1.0)
    minitest (5.11.3)
    public_suffix (3.0.2)
    rake (10.5.0)
    shoulda-context (1.2.2)
    simplecov (0.16.1)
      docile (~> 1.1)
      json (>= 1.8, < 3)
      simplecov-html (~> 0.10.0)
    simplecov-html (0.10.2)
    unicode-confusable (1.4.0)
    unicode-scripts (1.3.0)

PLATFORMS
  ruby

DEPENDENCIES
  bundler (~> 1.16)
  homograph-detector!
  minitest (~> 5.10)
  rake (~> 10.0)
  shoulda-context (~> 1.2)
  simplecov (~> 0.16.1)

BUNDLED WITH
   1.16.1
